PATH
  remote: .
  specs:
    fluent-plugin-syslog-tls (2.1.0)
      fluentd (>= 0.14.0, < 2)

GEM
  remote: https://rubygems.org/
  specs:
    addressable (2.8.1)
      public_suffix (>= 2.0.2, < 6.0)
    base64 (0.2.0)
    concurrent-ruby (1.2.3)
    cool.io (1.8.0)
    crack (0.4.5)
      rexml
    csv (3.3.0)
    docile (1.4.0)
    drb (2.2.1)
    fluentd (1.17.0)
      base64 (~> 0.2)
      bundler
      cool.io (>= 1.4.5, < 2.0.0)
      csv (~> 3.2)
      drb (~> 2.2)
      http_parser.rb (>= 0.5.1, < 0.9.0)
      msgpack (>= 1.3.1, < 2.0.0)
      serverengine (>= 2.3.2, < 3.0.0)
      sigdump (~> 0.2.5)
      strptime (>= 0.2.4, < 1.0.0)
      tzinfo (>= 1.0, < 3.0)
      tzinfo-data (~> 1.0)
      webrick (~> 1.4)
      yajl-ruby (~> 1.0)
    hashdiff (1.0.1)
    http_parser.rb (0.8.0)
    minitest (5.17.0)
    minitest-stub_any_instance (1.0.3)
    msgpack (1.7.2)
    power_assert (2.0.3)
    public_suffix (5.0.1)
    rake (13.0.6)
    rexml (3.2.5)
    serverengine (2.3.2)
      sigdump (~> 0.2.2)
    sigdump (0.2.5)
    simplecov (0.22.0)
      docile (~> 1.1)
      simplecov-html (~> 0.11)
      simplecov_json_formatter (~> 0.1)
    simplecov-html (0.12.3)
    simplecov_json_formatter (0.1.4)
    strptime (0.2.5)
    test-unit (3.5.7)
      power_assert
    tzinfo (2.0.6)
      concurrent-ruby (~> 1.0)
    tzinfo-data (1.2024.1)
      tzinfo (>= 1.0.0)
    webmock (3.18.1)
      addressable (>= 2.8.0)
      crack (>= 0.3.2)
      hashdiff (>= 0.4.0, < 2.0.0)
    webrick (1.8.1)
    yajl-ruby (1.4.3)

PLATFORMS
  ruby

DEPENDENCIES
  fluent-plugin-syslog-tls!
  minitest (~> 5.8)
  minitest-stub_any_instance (~> 1.0.0)
  rake
  simplecov (~> 0.11)
  test-unit (~> 3.1)
  webmock (~> 3.0)

BUNDLED WITH
   2.3.26
